GIT
  remote: https://github.com/cul-it/blacklight-cornell-requests
  revision: bb74cf225a9eef3eca5e29460548fabfdebd09c1
  branch: folio
  specs:
    blacklight_cornell_requests (4.2.2)
      activerecord-oracle_enhanced-adapter
      blacklight
      borrow_direct
      dotenv
      dotenv-deployment
      dotenv-rails
      exception_notification
      haml (>= 3.0.0)
      haml-rails
      httpclient
      i18n
      net-ldap
      nokogiri
      protected_attributes_continued
      rails (~> 5.1)
      ruby-oci8

GIT
  remote: https://github.com/cul-it/blacklight-unapi
  revision: 8774c50cdd9ffce42a9b6f4e3a1318791c5aff55
  branch: BL7-upgrade
  specs:
    blacklight_unapi (0.1.0)
      blacklight
      rails

GIT
  remote: https://github.com/cul-it/csl-styles
  revision: c7b50754fc907247c7533deed09d69478a9669c9
  branch: master
  submodules: true
  specs:
    csl-styles (1.0.1.9)
      csl (~> 1.0)

GIT
  remote: https://github.com/cul-it/cul-folio-edge
  revision: 8242b0ae9fcb19d8d5e70d66513da388ca512df8
  specs:
    cul-folio-edge (1.2.1)

GIT
  remote: https://github.com/cul-it/cul-my-account
  revision: 06c42ea86ea6185477a214cc985bce39a6a12004
  branch: master
  specs:
    my_account (2.1.2)
      blacklight (>= 7.0)
      borrow_direct
      cul-folio-edge (>= 1.2.1)
      rails (~> 5.1)
      rest-client
      xml-simple

GIT
  remote: https://github.com/jrochkind/borrow_direct
  revision: f2f53760e15d742a5c5584dd641f20dea315f99f
  specs:
    borrow_direct (1.2.0)
      httpclient (~> 2.4)

GIT
  remote: https://github.com/makandra/spreewald.git
  revision: 22ee7ad73489a83acce99a4ad5d5ca94d7781063
  specs:
    spreewald (4.3.6)
      cucumber
      cucumber_priority (>= 0.3.0)
      rspec (>= 2.13.0)

GEM
  remote: https://rubygems.org/
  specs:
    actioncable (5.2.6.3)
      actionpack (= 5.2.6.3)
      nio4r (~> 2.0)
      websocket-driver (>= 0.6.1)
    actionmailer (5.2.6.3)
      actionpack (= 5.2.6.3)
      actionview (= 5.2.6.3)
      activejob (= 5.2.6.3)
      mail (~> 2.5, >= 2.5.4)
      rails-dom-testing (~> 2.0)
    actionpack (5.2.6.3)
      actionview (= 5.2.6.3)
      activesupport (= 5.2.6.3)
      rack (~> 2.0, >= 2.0.8)
      rack-test (>= 0.6.3)
      rails-dom-testing (~> 2.0)
      rails-html-sanitizer (~> 1.0, >= 1.0.2)
    actionview (5.2.6.3)
      activesupport (= 5.2.6.3)
      builder (~> 3.1)
      erubi (~> 1.4)
      rails-dom-testing (~> 2.0)
      rails-html-sanitizer (~> 1.0, >= 1.0.3)
    activejob (5.2.6.3)
      activesupport (= 5.2.6.3)
      globalid (>= 0.3.6)
    activemodel (5.2.6.3)
      activesupport (= 5.2.6.3)
    activerecord (5.2.6.3)
      activemodel (= 5.2.6.3)
      activesupport (= 5.2.6.3)
      arel (>= 9.0)
    activerecord-oracle_enhanced-adapter (5.2.8)
      activerecord (~> 5.2.0)
      ruby-plsql (>= 0.6.0)
    activerecord-session_store (2.0.0)
      actionpack (>= 5.2.4.1)
      activerecord (>= 5.2.4.1)
      multi_json (~> 1.11, >= 1.11.2)
      rack (>= 2.0.8, < 3)
      railties (>= 5.2.4.1)
    activestorage (5.2.6.3)
      actionpack (= 5.2.6.3)
      activerecord (= 5.2.6.3)
      marcel (~> 1.0.0)
    activesupport (5.2.6.3)
      concurrent-ruby (~> 1.0, >= 1.0.2)
      i18n (>= 0.7, < 2)
      minitest (~> 5.1)
      tzinfo (~> 1.1)
    addressable (2.8.0)
      public_suffix (>= 2.0.2, < 5.0)
    akami (1.3.1)
      gyoku (>= 0.4.0)
      nokogiri
    appsignal (3.0.25)
      rack
    arel (9.0.0)
    autoprefixer-rails (10.4.2.0)
      execjs (~> 2)
    awesome_print (1.9.2)
    bcrypt (3.1.17)
    bento_search (1.7.0)
      confstruct (~> 1.0)
      htmlentities
      httpclient (>= 2.2.5, < 3.0.0)
      language_list (~> 1.0)
      multi_json (>= 1.0.4, < 2.0)
      nokogiri
      openurl (>= 0.3.1, < 1.1)
      rails (>= 3.2.3, < 6)
      summon
    bibtex-ruby (6.0.0)
      latex-decode (~> 0.0)
    blacklight (7.0.1)
      deprecation
      globalid
      jbuilder (~> 2.7)
      kaminari (>= 0.15)
      nokogiri (~> 1.6)
      rails (~> 5.1)
    blacklight-hierarchy (4.1.0)
      blacklight (> 6.20, < 8.0)
      jquery-rails
      rails (>= 5.1, < 7)
    blacklight-marc (6.3.0)
      blacklight (> 6.1, < 8.a)
      library_stdnums
      marc (>= 0.4.3, < 2.0)
      marc-fastxmlwriter
      rails
      traject (>= 2.1, < 4)
    blacklight_range_limit (7.1.0)
      blacklight (>= 7.0)
      rails (>= 3.0)
    bootstrap (4.3.1)
      autoprefixer-rails (>= 9.1.0)
      popper_js (>= 1.14.3, < 2)
      sassc-rails (>= 2.0.0)
    brakeman (5.2.1)
    builder (3.2.4)
    byebug (11.1.3)
    capistrano (2.15.9)
      highline
      net-scp (>= 1.0.0)
      net-sftp (>= 2.0.0)
      net-ssh (>= 2.0.14)
      net-ssh-gateway (>= 1.1.0)
    capistrano-ext (1.2.1)
      capistrano (>= 1.0.0)
    capybara (3.36.0)
      addressable
      matrix
      mini_mime (>= 0.1.3)
      nokogiri (~> 1.8)
      rack (>= 1.6.0)
      rack-test (>= 0.6.3)
      regexp_parser (>= 1.5, < 3.0)
      xpath (~> 3.2)
    capybara-email (3.0.2)
      capybara (>= 2.4, < 4.0)
      mail
    celluloid (0.17.4)
      celluloid-essentials
      celluloid-extras
      celluloid-fsm
      celluloid-pool
      celluloid-supervision
      timers (>= 4.1.1)
    celluloid-essentials (0.20.5)
      timers (>= 4.1.1)
    celluloid-extras (0.20.5)
      timers (>= 4.1.1)
    celluloid-fsm (0.20.5)
      timers (>= 4.1.1)
    celluloid-pool (0.20.5)
      timers (>= 4.1.1)
    celluloid-supervision (0.20.6)
      timers (>= 4.1.1)
    citeproc (1.0.10)
      namae (~> 1.0)
    citeproc-ruby (1.1.13)
      citeproc (~> 1.0, >= 1.0.9)
      csl (~> 1.5)
    climate_control (0.2.0)
    cliver (0.3.2)
    coderay (1.1.3)
    coffee-rails (4.2.2)
      coffee-script (>= 2.2.0)
      railties (>= 4.0.0)
    coffee-script (2.4.1)
      coffee-script-source
      execjs
    coffee-script-source (1.12.2)
    concurrent-ruby (1.1.9)
    confstruct (1.1.0)
      hashie (>= 3.3, < 5)
    connection_pool (2.2.5)
    crack (0.4.5)
      rexml
    crass (1.0.6)
    csl (1.5.2)
      namae (~> 1.0)
    cucumber (7.1.0)
      builder (~> 3.2, >= 3.2.4)
      cucumber-core (~> 10.1, >= 10.1.0)
      cucumber-create-meta (~> 6.0, >= 6.0.1)
      cucumber-cucumber-expressions (~> 14.0, >= 14.0.0)
      cucumber-gherkin (~> 22.0, >= 22.0.0)
      cucumber-html-formatter (~> 17.0, >= 17.0.0)
      cucumber-messages (~> 17.1, >= 17.1.1)
      cucumber-wire (~> 6.2, >= 6.2.0)
      diff-lcs (~> 1.4, >= 1.4.4)
      mime-types (~> 3.3, >= 3.3.1)
      multi_test (~> 0.1, >= 0.1.2)
      sys-uname (~> 1.2, >= 1.2.2)
    cucumber-core (10.1.1)
      cucumber-gherkin (~> 22.0, >= 22.0.0)
      cucumber-messages (~> 17.1, >= 17.1.1)
      cucumber-tag-expressions (~> 4.1, >= 4.1.0)
    cucumber-create-meta (6.0.4)
      cucumber-messages (~> 17.1, >= 17.1.1)
      sys-uname (~> 1.2, >= 1.2.2)
    cucumber-cucumber-expressions (14.0.0)
    cucumber-gherkin (22.0.0)
      cucumber-messages (~> 17.1, >= 17.1.1)
    cucumber-html-formatter (17.0.0)
      cucumber-messages (~> 17.1, >= 17.1.0)
    cucumber-messages (17.1.1)
    cucumber-rails (2.5.0)
      capybara (>= 2.18, < 4)
      cucumber (>= 3.2, < 8)
      mime-types (~> 3.3)
      nokogiri (~> 1.10)
      railties (>= 5.0, < 8)
      rexml (~> 3.0)
      webrick (~> 1.7)
    cucumber-tag-expressions (4.1.0)
    cucumber-wire (6.2.1)
      cucumber-core (~> 10.1, >= 10.1.0)
      cucumber-cucumber-expressions (~> 14.0, >= 14.0.0)
    cucumber_priority (0.3.3)
      cucumber
    database_cleaner (2.0.1)
      database_cleaner-active_record (~> 2.0.0)
    database_cleaner-active_record (2.0.1)
      activerecord (>= 5.a)
      database_cleaner-core (~> 2.0.0)
    database_cleaner-core (2.0.1)
    deprecation (1.1.0)
      activesupport
    devise (4.8.1)
      bcrypt (~> 3.0)
      orm_adapter (~> 0.1)
      railties (>= 4.1.0)
      responders
      warden (~> 1.2.3)
    devise-guests (0.8.1)
      devise
    diff-lcs (1.5.0)
    domain_name (0.5.20190701)
      unf (>= 0.0.5, < 1.0.0)
    dot-properties (0.1.4)
      bundler (>= 2.2.33)
    dotenv (2.7.6)
    dotenv-deployment (0.0.2)
    dotenv-rails (2.7.6)
      dotenv (= 2.7.6)
      railties (>= 3.2)
    ebsco-eds (1.1.3)
      activesupport (>= 5.2)
      bibtex-ruby (>= 5.1.0, < 7.0)
      citeproc (>= 1.0.4, < 2.0)
      citeproc-ruby (~> 1.0, >= 1.0.2)
      climate_control (~> 0)
      csl (>= 1.4.0, < 1.6)
      csl-styles (~> 1.0, >= 1.0.1.5)
      dotenv (~> 2.2)
      faraday (~> 0)
      faraday-detailed_logger (~> 2.0)
      faraday_middleware (~> 0.11)
      net-http-persistent (~> 3.1)
      public_suffix (~> 4.0)
      require_all (~> 2.0)
    erubi (1.10.0)
    erubis (2.7.0)
    et-orbi (1.2.7)
      tzinfo
    exception_notification (4.5.0)
      actionmailer (>= 5.2, < 8)
      activesupport (>= 5.2, < 8)
    execjs (2.8.1)
    faraday (0.17.5)
      multipart-post (>= 1.2, < 3)
    faraday-detailed_logger (2.5.0)
      faraday (>= 0.16, < 3)
    faraday_middleware (0.14.0)
      faraday (>= 0.7.4, < 1.0)
    ffi (1.15.5)
    ffi-compiler (1.0.1)
      ffi (>= 1.0.0)
      rake
    font-awesome-rails (4.7.0.8)
      railties (>= 3.2, < 8.0)
    formatador (1.1.0)
    fugit (1.5.2)
      et-orbi (~> 1.1, >= 1.1.8)
      raabro (~> 1.4)
    globalid (1.0.0)
      activesupport (>= 5.0)
    google-analytics-rails (1.1.1)
    guard (2.18.0)
      formatador (>= 0.2.4)
      listen (>= 2.7, < 4.0)
      lumberjack (>= 1.0.12, < 2.0)
      nenv (~> 0.1)
      notiffany (~> 0.0)
      pry (>= 0.13.0)
      shellany (~> 0.0)
      thor (>= 0.18.1)
    guard-compat (1.2.1)
    guard-rspec (4.7.3)
      guard (~> 2.1)
      guard-compat (~> 1.1)
      rspec (>= 2.99.0, < 4.0)
    gyoku (1.3.1)
      builder (>= 2.1.2)
    haml (5.2.2)
      temple (>= 0.8.0)
      tilt
    haml-rails (2.0.1)
      actionpack (>= 5.1)
      activesupport (>= 5.1)
      haml (>= 4.0.6, < 6.0)
      html2haml (>= 1.0.1)
      railties (>= 5.1)
    hashdiff (1.0.1)
    hashie (4.1.0)
    highline (2.0.3)
    html2haml (2.2.0)
      erubis (~> 2.7.0)
      haml (>= 4.0, < 6)
      nokogiri (>= 1.6.0)
      ruby_parser (~> 3.5)
    htmlentities (4.3.4)
    http (5.0.4)
      addressable (~> 2.8)
      http-cookie (~> 1.0)
      http-form_data (~> 2.2)
      llhttp-ffi (~> 0.4.0)
    http-accept (1.7.0)
    http-cookie (1.0.4)
      domain_name (~> 0.5)
    http-form_data (2.3.0)
    httpclient (2.8.3)
    httpi (2.5.0)
      rack
      socksify
    i18n (1.10.0)
      concurrent-ruby (~> 1.0)
    jbuilder (2.11.5)
      actionview (>= 5.0.0)
      activesupport (>= 5.0.0)
    jquery-rails (4.4.0)
      rails-dom-testing (>= 1, < 3)
      railties (>= 4.2.0)
      thor (>= 0.14, < 2.0)
    jquery-ui-rails (5.0.5)
      railties (>= 3.2.16)
    json (2.6.1)
    jwt (2.3.0)
    kaminari (1.2.2)
      activesupport (>= 4.1.0)
      kaminari-actionview (= 1.2.2)
      kaminari-activerecord (= 1.2.2)
      kaminari-core (= 1.2.2)
    kaminari-actionview (1.2.2)
      actionview
      kaminari-core (= 1.2.2)
    kaminari-activerecord (1.2.2)
      activerecord
      kaminari-core (= 1.2.2)
    kaminari-core (1.2.2)
    language_list (1.2.1)
    latex-decode (0.3.2)
    libnotify (0.9.4)
      ffi (>= 1.0.11)
    library_stdnums (1.6.0)
    listen (3.7.1)
      rb-fsevent (~> 0.10, >= 0.10.3)
      rb-inotify (~> 0.9, >= 0.9.10)
    llhttp-ffi (0.4.0)
      ffi-compiler (~> 1.0)
      rake (~> 13.0)
    loofah (2.3.1)
      crass (~> 1.0.2)
      nokogiri (>= 1.5.9)
    lumberjack (1.2.8)
    mail (2.7.1)
      mini_mime (>= 0.1.1)
    marc (1.1.1)
      rexml
      scrub_rb (>= 1.0.1, < 2)
      unf
    marc-fastxmlwriter (1.0.0)
      marc (~> 1.0)
    marcel (1.0.2)
    matrix (0.4.2)
    meta_request (0.7.3)
      rack-contrib (>= 1.1, < 3)
      railties (>= 3.0.0, < 7)
    method_source (1.0.0)
    mime-types (3.4.1)
      mime-types-data (~> 3.2015)
    mime-types-data (3.2022.0105)
    mini_mime (1.1.2)
    minitest (5.15.0)
    mollom (0.2.3)
    multi_json (1.15.0)
    multi_test (0.1.2)
    multi_xml (0.6.0)
    multipart-post (2.1.1)
    mysql2 (0.5.2)
    namae (1.1.1)
    nenv (0.3.0)
    net-http-persistent (3.1.0)
      connection_pool (~> 2.2)
    net-ldap (0.17.0)
    net-scp (2.0.0)
      net-ssh (>= 2.6.5, < 6.0.0)
    net-sftp (3.0.0)
      net-ssh (>= 5.0.0, < 7.0.0)
    net-ssh (5.2.0)
    net-ssh-gateway (2.0.0)
      net-ssh (>= 4.0.0)
    netrc (0.11.0)
    nio4r (2.5.8)
    nokogiri (1.13.3-x86_64-darwin)
      racc (~> 1.4)
    nori (2.6.0)
    notiffany (0.1.3)
      nenv (~> 0.1)
      shellany (~> 0.0)
    oauth2 (1.4.9)
      faraday (>= 0.17.3, < 3.0)
      jwt (>= 1.0, < 3.0)
      multi_json (~> 1.3)
      multi_xml (~> 0.5)
      rack (>= 1.2, < 3)
    omniauth (2.0.4)
      hashie (>= 3.4.6)
      rack (>= 1.6.2, < 3)
      rack-protection
    omniauth-facebook (5.0.0)
      omniauth-oauth2 (~> 1.2)
    omniauth-google-oauth2 (0.8.1)
      jwt (>= 2.0)
      oauth2 (~> 1.1)
      omniauth (>= 1.1.1)
      omniauth-oauth2 (>= 1.6)
    omniauth-oauth2 (1.7.2)
      oauth2 (~> 1.4)
      omniauth (>= 1.9, < 3)
    omniauth-rails_csrf_protection (1.0.1)
      actionpack (>= 4.2)
      omniauth (~> 2.0)
    omniauth-saml (2.1.0)
      omniauth (~> 2.0)
      ruby-saml (~> 1.12)
    openurl (1.0.0)
      marc
      scrub_rb (~> 1.0)
    orm_adapter (0.5.0)
    parslet (2.0.0)
    phantomjs (2.1.1.0)
    piwik_analytics (1.0.2)
      actionpack
      activesupport
      rails (>= 3.0.0)
    plist (3.6.0)
    poltergeist (1.18.1)
      capybara (>= 2.1, < 4)
      cliver (~> 0.3.1)
      websocket-driver (>= 0.2.0)
    popper_js (1.16.0)
    protected_attributes_continued (1.8.2)
      activemodel (>= 5.0)
    pry (0.13.1)
      coderay (~> 1.1)
      method_source (~> 1.0)
    pry-byebug (3.9.0)
      byebug (~> 11.0)
      pry (~> 0.13.0)
    public_suffix (4.0.6)
    raabro (1.4.0)
    racc (1.6.0)
    rack (2.2.3)
    rack-contrib (2.3.0)
      rack (~> 2.0)
    rack-protection (2.2.0)
      rack
    rack-test (1.1.0)
      rack (>= 1.0, < 3)
    rails (5.2.6.3)
      actioncable (= 5.2.6.3)
      actionmailer (= 5.2.6.3)
      actionpack (= 5.2.6.3)
      actionview (= 5.2.6.3)
      activejob (= 5.2.6.3)
      activemodel (= 5.2.6.3)
      activerecord (= 5.2.6.3)
      activestorage (= 5.2.6.3)
      activesupport (= 5.2.6.3)
      bundler (>= 1.3.0)
      railties (= 5.2.6.3)
      sprockets-rails (>= 2.0.0)
    rails-dom-testing (2.0.3)
      activesupport (>= 4.2.0)
      nokogiri (>= 1.6)
    rails-html-sanitizer (1.4.2)
      loofah (~> 2.3)
    railties (5.2.6.3)
      actionpack (= 5.2.6.3)
      activesupport (= 5.2.6.3)
      method_source
      rake (>= 0.8.7)
      thor (>= 0.19.0, < 2.0)
    rake (13.0.6)
    rb-fsevent (0.11.1)
    rb-inotify (0.10.1)
      ffi (~> 1.0)
    rb-readline (0.5.5)
    redis (4.6.0)
    redis-session-store (0.11.4)
      actionpack (>= 3, < 8)
      redis (>= 3, < 5)
    regexp_parser (2.2.1)
    require_all (2.0.0)
    responders (3.0.1)
      actionpack (>= 5.0)
      railties (>= 5.0)
    rest-client (2.1.0)
      http-accept (>= 1.7.0, < 2.0)
      http-cookie (>= 1.0.2, < 2.0)
      mime-types (>= 1.16, < 4.0)
      netrc (~> 0.8)
    rexml (3.2.5)
    rsolr (2.5.0)
      builder (>= 2.1.2)
      faraday (>= 0.9, < 3, != 2.0.0)
    rspec (3.11.0)
      rspec-core (~> 3.11.0)
      rspec-expectations (~> 3.11.0)
      rspec-mocks (~> 3.11.0)
    rspec-core (3.11.0)
      rspec-support (~> 3.11.0)
    rspec-expectations (3.11.0)
      diff-lcs (>= 1.2.0, < 2.0)
      rspec-support (~> 3.11.0)
    rspec-mocks (3.11.0)
      diff-lcs (>= 1.2.0, < 2.0)
      rspec-support (~> 3.11.0)
    rspec-rails (5.1.1)
      actionpack (>= 5.2)
      activesupport (>= 5.2)
      railties (>= 5.2)
      rspec-core (~> 3.10)
      rspec-expectations (~> 3.10)
      rspec-mocks (~> 3.10)
      rspec-support (~> 3.10)
    rspec-support (3.11.0)
    rspec_junit_formatter (0.5.1)
      rspec-core (>= 2, < 4, != 2.12.0)
    ruby-oci8 (2.2.11)
    ruby-plsql (0.8.0)
    ruby-saml (1.14.0)
      nokogiri (>= 1.10.5)
      rexml
    ruby_parser (3.18.1)
      sexp_processor (~> 4.16)
    rufus-scheduler (3.8.1)
      fugit (~> 1.1, >= 1.1.6)
    rvm-capistrano (1.5.6)
      capistrano (~> 2.15.4)
    sass (3.7.4)
      sass-listen (~> 4.0.0)
    sass-listen (4.0.0)
      rb-fsevent (~> 0.9, >= 0.9.4)
      rb-inotify (~> 0.9, >= 0.9.7)
    sass-rails (5.1.0)
      railties (>= 5.2.0)
      sass (~> 3.1)
      sprockets (>= 2.8, < 4.0)
      sprockets-rails (>= 2.0, < 4.0)
      tilt (>= 1.1, < 3)
    sassc (2.2.1)
      ffi (~> 1.9)
    sassc-rails (2.1.2)
      railties (>= 4.0.0)
      sassc (>= 2.0)
      sprockets (> 3.0)
      sprockets-rails
      tilt
    savon (2.11.2)
      akami (~> 1.2)
      builder (>= 2.1.2)
      gyoku (~> 1.2)
      httpi (~> 2.3)
      nokogiri (>= 1.4.0)
      nori (~> 2.4)
      wasabi (~> 3.4)
    scrub_rb (1.0.1)
    sexp_processor (4.16.0)
    shellany (0.0.1)
    slop (4.9.1)
    socksify (1.7.1)
    sprockets (3.7.2)
      concurrent-ruby (~> 1.0)
      rack (> 1, < 3)
    sprockets-rails (3.4.2)
      actionpack (>= 5.2)
      activesupport (>= 5.2)
      sprockets (>= 3.0.0)
    sqlite3 (1.4.2)
    summon (2.0.5)
      json
    sys-uname (1.2.2)
      ffi (~> 1.1)
    temple (0.8.2)
    textpow (1.4.0)
      plist (>= 3.0.1)
    thor (1.2.1)
    thread_safe (0.3.6)
    tilt (2.0.10)
    timers (4.3.3)
    traject (3.7.0)
      concurrent-ruby (>= 0.8.0)
      dot-properties (>= 0.1.1)
      hashie (>= 3.1, < 6)
      http (>= 3.0, < 6)
      httpclient (~> 2.5)
      marc (~> 1.0)
      marc-fastxmlwriter (~> 1.0)
      nokogiri (~> 1.9)
      slop (~> 4.0)
      yell
    tzinfo (1.2.9)
      thread_safe (~> 0.1)
    uglifier (4.2.0)
      execjs (>= 0.3.0, < 3)
    ultraviolet (1.0.1)
      textpow (>= 1.3.0)
    unf (0.1.4)
      unf_ext
    unf_ext (0.0.8.1)
    unicode (0.4.4.4)
    unicode_utils (1.4.0)
    utf8-cleaner (1.0.0)
      activesupport
    vcr (6.1.0)
    warden (1.2.9)
      rack (>= 2.0.9)
    wasabi (3.7.0)
      addressable
      httpi (~> 2.0)
      nokogiri (>= 1.4.2)
    webmock (3.14.0)
      addressable (>= 2.8.0)
      crack (>= 0.3.2)
      hashdiff (>= 0.4.0, < 2.0.0)
    webrat (0.7.3)
      nokogiri (>= 1.2.0)
      rack (>= 1.0)
      rack-test (>= 0.5.3)
    webrick (1.7.0)
    websocket-driver (0.7.5)
      websocket-extensions (>= 0.1.0)
    websocket-extensions (0.1.5)
    xml-simple (1.1.9)
      rexml
    xmlrpc (0.3.2)
      webrick
    xpath (3.2.0)
      nokogiri (~> 1.8)
    yaml_db (0.7.0)
      rails (>= 3.0)
      rake (>= 0.8.7)
    yell (2.2.2)

PLATFORMS
  x86_64-darwin-20

DEPENDENCIES
  actionview (>= 5.2.6.2)
  activerecord-session_store (>= 2.0.0)
  addressable (>= 2.8.0)
  appsignal
  awesome_print
  bento_search
  blacklight (= 7.0.1)
  blacklight-hierarchy
  blacklight-marc (~> 6.2)
  blacklight_cornell_requests!
  blacklight_range_limit (= 7.1.0)
  blacklight_unapi!
  bootstrap (= 4.3.1)
  borrow_direct!
  brakeman
  capistrano (= 2.15.9)
  capistrano-ext
  capybara (>= 2.3, < 4)
  capybara-email
  celluloid (= 0.17.4)
  citeproc
  citeproc-ruby
  coffee-rails (~> 4.0)
  csl-styles!
  cucumber-rails
  cul-folio-edge!
  database_cleaner
  devise (>= 4.7.0)
  devise-guests (~> 0.3)
  dotenv-deployment
  dotenv-rails
  ebsco-eds
  exception_notification
  font-awesome-rails
  google-analytics-rails (= 1.1.1)
  guard-rspec
  haml
  haml-rails
  htmlentities
  httpclient
  jquery-rails
  jquery-ui-rails (= 5.0.5)
  json
  kaminari (>= 0.15)
  libnotify
  loofah (= 2.3.1)
  marc
  meta_request
  mollom
  my_account!
  mysql2 (= 0.5.2)
  net-ldap
  net-scp (= 2.0.0)
  net-ssh (= 5.2.0)
  nokogiri (>= 1.13.2)
  omniauth (~> 2.0)
  omniauth-facebook (~> 5.0)
  omniauth-google-oauth2 (~> 0.8)
  omniauth-rails_csrf_protection
  omniauth-saml (~> 2.0)
  parslet
  phantomjs
  piwik_analytics (~> 1.0.1)
  poltergeist
  protected_attributes_continued
  pry
  pry-byebug
  rails (= 5.2.6.3)
  rb-inotify
  rb-readline (~> 0.5.x)
  redis-session-store
  rsolr
  rspec
  rspec-rails
  rspec_junit_formatter
  ruby-saml (>= 1.12.1)
  rufus-scheduler
  rvm-capistrano (= 1.5.6)
  sass-rails (~> 5.0)
  sassc (= 2.2.1)
  savon (~> 2.11.1)
  spreewald!
  sprockets (~> 3.7.2)
  sqlite3
  uglifier (>= 1.0.3)
  ultraviolet
  unicode
  unicode_utils
  utf8-cleaner
  vcr
  webmock
  webrat
  xmlrpc
  yaml_db

RUBY VERSION
   ruby 2.6.4p104

BUNDLED WITH
   2.3.6
